GEM
  remote: https://rubygems.org/
  specs:
    forwardable (1.3.3)
    prime (0.1.2)
      forwardable
      singleton
    singleton (0.2.0)

PLATFORMS
  arm64-darwin-22
  ruby

DEPENDENCIES
  prime (~> 0.1.2)

BUNDLED WITH
   2.5.11
